GIT
  remote: git://github.com/iamjarvo/middleman-build-reporter.git
  revision: b1f4d16030f97b266929e3511931e049a8e0ede1
  branch: support-middleman-4
  specs:
    middleman-build-reporter (0.0.4)
      git (= 1.2.8)
      middleman-core (>= 3.0.0)

GIT
  remote: git://github.com/middleman/middleman-sprockets.git
  revision: 5e5197c3e4049845c446dc2b30d0169f2b3c6070
  specs:
    middleman-sprockets (4.1.1)
      middleman-core (~> 4.0)
      sprockets (>= 3.0)

GEM
  remote: https://rubygems.org/
  specs:
    activesupport (4.2.11.3)
      i18n (~> 0.7)
      minitest (~> 5.1)
      thread_safe (~> 0.3, >= 0.3.4)
      tzinfo (~> 1.1)
    addressable (2.4.0)
    backports (3.20.2)
    bourbon (4.2.7)
      sass (~> 3.4)
      thor (~> 0.19)
    builder (3.2.4)
    capybara (2.5.0)
      mime-types (>= 1.16)
      nokogiri (>= 1.3.3)
      rack (>= 1.0.0)
      rack-test (>= 0.5.4)
      xpath (~> 2.0)
    coffee-script (2.4.1)
      coffee-script-source
      execjs
    coffee-script-source (1.12.2)
    compass-import-once (1.0.5)
      sass (>= 3.2, < 3.5)
    concurrent-ruby (0.9.2)
    contracts (0.12.0)
    diff-lcs (1.4.4)
    em-websocket (0.5.2)
      eventmachine (>= 0.12.9)
      http_parser.rb (~> 0.6.0)
    erubis (2.7.0)
    eventmachine (1.2.7)
    execjs (2.7.0)
    fastimage (1.8.1)
      addressable (~> 2.3, >= 2.3.5)
    ffi (1.15.0)
    git (1.2.8)
    haml (5.2.1)
      temple (>= 0.8.0)
      tilt
    hamster (2.0.0)
      concurrent-ruby (~> 0.8)
    hashie (3.6.0)
    http_parser.rb (0.6.0)
    i18n (0.7.0)
    json (2.5.1)
    kramdown (1.17.0)
    listen (3.5.0)
      rb-fsevent (~> 0.10, >= 0.10.3)
      rb-inotify (~> 0.9, >= 0.9.10)
    middleman (4.0.0)
      coffee-script (~> 2.2)
      compass-import-once (= 1.0.5)
      haml (>= 4.0.5)
      kramdown (~> 1.2)
      middleman-cli (= 4.0.0)
      middleman-core (= 4.0.0)
      sass (>= 3.4.0, < 4.0)
    middleman-blog (4.0.3)
      addressable (~> 2.3)
      middleman-core (>= 4.0.0)
      tzinfo (>= 0.3.0)
    middleman-cli (4.0.0)
      thor (>= 0.17.0, < 2.0)
    middleman-core (4.0.0)
      activesupport (~> 4.2)
      addressable (~> 2.4.0)
      backports (~> 3.6)
      bundler (~> 1.1)
      capybara (~> 2.5.0)
      contracts (~> 0.12.0)
      erubis
      execjs (~> 2.0)
      fastimage (~> 1.8)
      hamster (~> 2.0)
      hashie (~> 3.4)
      i18n (~> 0.7.0)
      listen (~> 3.0)
      padrino-helpers (~> 0.13.0)
      rack (>= 1.4.5, < 2.0)
      sass (>= 3.4)
      tilt (~> 1.4.1)
      uglifier (~> 2.6)
    middleman-livereload (3.4.6)
      em-websocket (~> 0.5.1)
      middleman-core (>= 3.3)
      rack-livereload (~> 0.3.15)
    mime-types (3.3.1)
      mime-types-data (~> 3.2015)
    mime-types-data (3.2021.0225)
    mini_portile2 (2.8.0)
    minitest (5.14.4)
    neat (1.7.4)
      bourbon (>= 4.0)
      sass (>= 3.3)
    nokogiri (1.13.3)
      mini_portile2 (~> 2.8.0)
      racc (~> 1.4)
    padrino-helpers (0.13.3.4)
      i18n (~> 0.6, >= 0.6.7)
      padrino-support (= 0.13.3.4)
      tilt (>= 1.4.1, < 3)
    padrino-support (0.13.3.4)
      activesupport (>= 3.1)
    racc (1.6.0)
    rack (1.6.13)
    rack-livereload (0.3.17)
      rack
    rack-test (1.1.0)
      rack (>= 1.0, < 3)
    rb-fsevent (0.10.4)
    rb-inotify (0.10.1)
      ffi (~> 1.0)
    rspec (3.4.0)
      rspec-core (~> 3.4.0)
      rspec-expectations (~> 3.4.0)
      rspec-mocks (~> 3.4.0)
    rspec-core (3.4.4)
      rspec-support (~> 3.4.0)
    rspec-expectations (3.4.0)
      diff-lcs (>= 1.2.0, < 2.0)
      rspec-support (~> 3.4.0)
    rspec-mocks (3.4.1)
      diff-lcs (>= 1.2.0, < 2.0)
      rspec-support (~> 3.4.0)
    rspec-support (3.4.1)
    sass (3.4.25)
    sprockets (3.4.1)
      rack (> 1, < 3)
    temple (0.8.2)
    thor (0.20.3)
    thread_safe (0.3.6)
    tilt (1.4.1)
    tzinfo (1.2.9)
      thread_safe (~> 0.1)
    uglifier (2.7.2)
      execjs (>= 0.3.0)
      json (>= 1.8.0)
    xpath (2.1.0)
      nokogiri (~> 1.3)

PLATFORMS
  ruby

DEPENDENCIES
  bourbon (~> 4.2.6)
  builder (~> 3.2.2)
  capybara (~> 2.5.0)
  json (~> 2.5.1)
  middleman (~> 4.0.0)
  middleman-blog (~> 4.0.0)
  middleman-build-reporter!
  middleman-livereload (~> 3.4.5)
  middleman-sprockets!
  neat (~> 1.7.2)
  nokogiri (< 1.14)
  rspec (~> 3.4.0)

BUNDLED WITH
   1.17.2
